GEM
  remote: https://rubygems.org/
  specs:
    aws-sdk (2.2.5)
      aws-sdk-resources (= 2.2.5)
    aws-sdk-core (2.2.5)
      jmespath (~> 1.0)
    aws-sdk-resources (2.2.5)
      aws-sdk-core (= 2.2.5)
    fileutils (0.7)
      rmagick (>= 2.13.1)
    inifile (3.0.0)
    jmespath (1.1.3)
    rmagick (2.15.4)

PLATFORMS
  ruby

DEPENDENCIES
  aws-sdk
  fileutils
  inifile (~> 3.0)

BUNDLED WITH
   1.12.5
